GEM
  remote: http://rubygems.org/
  specs:
    cmdparse (2.0.3)
    diff-lcs (1.1.3)
    fssm (0.2.9)
    grit (2.4.1)
      diff-lcs (~> 1.1)
      mime-types (~> 1.15)
    hbs (0.1.2)
      therubyracer (~> 0.9.4)
    json (1.6.1)
    juicer (1.0.13)
      cmdparse
      nokogiri (>= 1.5.0)
      rubyzip
    libv8 (3.3.10.4)
    mime-types (1.17.2)
    nokogiri (1.5.0)
    rake (0.9.2.2)
    rest-client (1.6.7)
      mime-types (>= 1.16)
    rubyzip (0.9.6.1)
    therubyracer (0.9.9)
      libv8 (~> 3.3.10)

PLATFORMS
  ruby

DEPENDENCIES
  fssm
  grit
  hbs
  json
  juicer
  rake
  rest-client
