GEM
  remote: http://rubygems.org/
  specs:
    cmdparse (2.0.5)
    commonjs (0.2.6)
    diff-lcs (1.1.3)
    ffi (1.1.5)
    grit (2.5.0)
      diff-lcs (~> 1.1)
      mime-types (~> 1.15)
      posix-spawn (~> 0.3.6)
    handlebars (0.3.1)
      commonjs (~> 0.2.3)
      therubyracer (~> 0.10.0)
    json (1.7.5)
    juicer (1.0.16)
      cmdparse
      nokogiri (>= 1.5.0)
      rubyzip
    libv8 (3.3.10.4)
    listen (0.4.7)
      rb-fchange (~> 0.0.5)
      rb-fsevent (~> 0.9.1)
      rb-inotify (~> 0.8.8)
    mime-types (1.19)
    nokogiri (1.5.5)
    posix-spawn (0.3.6)
    rake (0.9.2.2)
    rb-fchange (0.0.5)
      ffi
    rb-fsevent (0.9.1)
    rb-inotify (0.8.8)
      ffi (>= 0.5.0)
    rest-client (1.6.7)
      mime-types (>= 1.16)
    rubyzip (0.9.9)
    therubyracer (0.10.2)
      libv8 (~> 3.3.10)

PLATFORMS
  ruby

DEPENDENCIES
  grit
  handlebars
  json
  juicer
  listen
  rake
  rest-client
