GEM
  remote: http://rubygems.org/
  specs:
    cmdparse (2.0.3)
    diff-lcs (1.1.3)
    fssm (0.2.8.1)
    grit (2.5.0)
      diff-lcs (~> 1.1)
      mime-types (~> 1.15)
      posix-spawn (~> 0.3.6)
    hbs (0.1.2)
      therubyracer (~> 0.9.4)
    json (1.7.3)
    juicer (1.0.16)
      cmdparse
      nokogiri (>= 1.5.0)
      rubyzip
    libv8 (3.3.10.4)
    mime-types (1.18)
    nokogiri (1.5.2)
    posix-spawn (0.3.6)
    rake (0.9.2.2)
    rest-client (1.6.7)
      mime-types (>= 1.16)
    rubyzip (0.9.8)
    therubyracer (0.9.10)
      libv8 (~> 3.3.10)

PLATFORMS
  ruby

DEPENDENCIES
  fssm (= 0.2.8.1)
  grit
  hbs
  json
  juicer
  rake
  rest-client
